GEM
  remote: https://rubygems.org/
  specs:
    mqtt (0.4.0)
    tomlrb (1.2.3)

PLATFORMS
  ruby

DEPENDENCIES
  mqtt
  tomlrb

BUNDLED WITH
   1.12.5
